PATH
  remote: .
  specs:
    getaround-rubocop (0.2.6)
      relaxed-rubocop (= 2.5)
      rubocop (= 1.24.1)
      rubocop-rspec (= 2.4.0)

GEM
  remote: https://rubygems.org/
  specs:
    ast (2.4.2)
    parallel (1.21.0)
    parser (3.0.3.2)
      ast (~> 2.4.1)
    rainbow (3.0.0)
    regexp_parser (2.2.0)
    relaxed-rubocop (2.5)
    rexml (3.2.5)
    rubocop (1.24.1)
      parallel (~> 1.10)
      parser (>= 3.0.0.0)
      rainbow (>= 2.2.2, < 4.0)
      regexp_parser (>= 1.8, < 3.0)
      rexml
      rubocop-ast (>= 1.15.1, < 2.0)
      ruby-progressbar (~> 1.7)
      unicode-display_width (>= 1.4.0, < 3.0)
    rubocop-ast (1.15.1)
      parser (>= 3.0.1.1)
    rubocop-rspec (2.4.0)
      rubocop (~> 1.0)
      rubocop-ast (>= 1.1.0)
    ruby-progressbar (1.11.0)
    unicode-display_width (2.1.0)

PLATFORMS
  ruby

DEPENDENCIES
  getaround-rubocop!

BUNDLED WITH
   2.2.21
